GIT
  remote: git://github.com/www-thoughtworks-com/hacienda.git
  revision: b5742207a4d1238c8d4332d6b2bc87a75a076ceb
  specs:
    hacienda (0.2.0.gb574220)
      json (= 1.8.2)
      multi_json
      octokit (= 2.5.1)
      rugged (~> 0.21.0)
      sinatra (= 1.4.3)
      sinatra-contrib (= 1.4.1)
      unicorn (~> 4.8.3)

GEM
  remote: https://rubygems.org/
  specs:
    addressable (2.3.8)
    backports (3.6.4)
    faraday (0.9.1)
      multipart-post (>= 1.2, < 3)
    json (1.8.2)
    kgio (2.9.3)
    multi_json (1.11.2)
    multipart-post (2.0.0)
    octokit (2.5.1)
      sawyer (~> 0.5.1)
    rack (1.6.4)
    rack-protection (1.5.3)
      rack
    rack-test (0.6.3)
      rack (>= 1.0)
    raindrops (0.14.0)
    rugged (0.21.4)
    sawyer (0.5.5)
      addressable (~> 2.3.5)
      faraday (~> 0.8, < 0.10)
    sinatra (1.4.3)
      rack (~> 1.4)
      rack-protection (~> 1.4)
      tilt (~> 1.3, >= 1.3.4)
    sinatra-contrib (1.4.1)
      backports (>= 2.0)
      multi_json
      rack-protection
      rack-test
      sinatra (~> 1.4.0)
      tilt (~> 1.3)
    tilt (1.4.1)
    unicorn (4.8.3)
      kgio (~> 2.6)
      rack
      raindrops (~> 0.7)

PLATFORMS
  ruby

DEPENDENCIES
  hacienda!

BUNDLED WITH
   1.10.4
